GEM
  remote: http://rubygems.org/
  specs:
    nokogiri (1.5.4)
    rack (1.6.12)
    rack-protection (1.2.0)
      rack
    sinatra (1.3.2)
      rack (~> 1.3, >= 1.3.6)
      rack-protection (~> 1.2)
      tilt (~> 1.3, >= 1.3.3)
    tilt (1.3.3)

PLATFORMS
  ruby

DEPENDENCIES
  nokogiri
  sinatra
